PATH
  remote: .
  specs:
    redkube (1.0.0)
      thor (~> 0.20.0)

GEM
  remote: https://rubygems.org/
  specs:
    coderay (1.1.2)
    method_source (0.8.2)
    pry (0.11.0)
      coderay (~> 1.1.0)
      method_source (~> 0.8.1)
    thor (0.20.0)

PLATFORMS
  ruby

DEPENDENCIES
  pry
  redkube!

BUNDLED WITH
   1.15.1
